GEM
  remote: https://rubygems.org/
  specs:
    activemodel (5.0.2)
      activesupport (= 5.0.2)
    activerecord (5.0.2)
      activemodel (= 5.0.2)
      activesupport (= 5.0.2)
      arel (~> 7.0)
    activesupport (5.0.2)
      concurrent-ruby (~> 1.0, >= 1.0.2)
      i18n (~> 0.7)
      minitest (~> 5.1)
      tzinfo (~> 1.1)
    ansi (1.5.0)
    arel (7.1.4)
    awesome_print (1.7.0)
    backports (3.6.8)
    builder (3.2.3)
    coderay (1.1.1)
    concurrent-ruby (1.0.5)
    faraday (0.11.0)
      multipart-post (>= 1.2, < 3)
    i18n (0.8.1)
    method_source (0.8.2)
    minitest (5.10.1)
    minitest-reporters (1.1.14)
      ansi
      builder
      minitest (>= 5.0)
      ruby-progressbar
    multi_json (1.12.1)
    multipart-post (2.0.0)
    mustermann (1.0.0)
    pry (0.10.4)
      coderay (~> 1.1.0)
      method_source (~> 0.8.1)
      slop (~> 3.4)
    rack (2.0.1)
    rack-protection (2.0.0.rc1)
      rack
    rake (12.0.0)
    ruby-progressbar (1.8.1)
    sinatra (2.0.0.rc1)
      mustermann (= 1.0.0)
      rack (~> 2.0)
      rack-protection (= 2.0.0.rc1)
      tilt (~> 2.0)
    sinatra-contrib (2.0.0.rc1)
      backports (>= 2.0)
      multi_json
      mustermann (= 1.0.0)
      rack-protection (= 2.0.0.rc1)
      sinatra (= 2.0.0.rc1)
      tilt (>= 1.3, < 3)
    slop (3.6.0)
    sqlite3 (1.3.13)
    thread_safe (0.3.6)
    tilt (2.0.6)
    tzinfo (1.2.2)
      thread_safe (~> 0.1)
    warning (0.10.0)

PLATFORMS
  ruby

DEPENDENCIES
  activerecord (= 5.0.2)
  awesome_print
  faraday (~> 0.11.0)
  minitest-reporters
  pry
  rake
  sinatra (= 2.0.0rc1)
  sinatra-contrib (= 2.0.0rc1)
  sqlite3
  warning

RUBY VERSION
   ruby 2.4.0p0

BUNDLED WITH
   1.14.6
